PATH
  remote: .
  specs:
    intrinio-realtime (4.1.2)
      bigdecimal (~> 3.0.0)
      eventmachine (~> 1.2.7)
      thread (~> 0.2.2)
      websocket-client-simple (~> 0.3)

GEM
  remote: https://rubygems.org/
  specs:
    bigdecimal (3.0.2)
    event_emitter (0.2.6)
    eventmachine (1.2.7)
    eventmachine (1.2.7-x64-mingw32)
    thread (0.2.2)
    websocket (1.2.9)
    websocket-client-simple (0.6.0)
      event_emitter
      websocket

PLATFORMS
  ruby
  x64-mingw32

DEPENDENCIES
  intrinio-realtime!

RUBY VERSION
   ruby 3.2.0p0

BUNDLED WITH
   2.1.4
